GEM
  remote: https://rubygems.org/
  specs:
    activesupport-inflector (0.1.0)
    coderay (1.1.0)
    diff-lcs (1.2.5)
    funkify (0.0.4)
    i18n (0.7.0)
    method_source (0.8.2)
    pry (0.10.1)
      coderay (~> 1.1.0)
      method_source (~> 0.8.1)
      slop (~> 3.4)
    rspec (3.4.0)
      rspec-core (~> 3.4.0)
      rspec-expectations (~> 3.4.0)
      rspec-mocks (~> 3.4.0)
    rspec-core (3.4.4)
      rspec-support (~> 3.4.0)
    rspec-expectations (3.4.0)
      diff-lcs (>= 1.2.0, < 2.0)
      rspec-support (~> 3.4.0)
    rspec-mocks (3.4.1)
      diff-lcs (>= 1.2.0, < 2.0)
      rspec-support (~> 3.4.0)
    rspec-support (3.4.1)
    slop (3.6.0)

PLATFORMS
  ruby

DEPENDENCIES
  activesupport-inflector (= 0.1.0)
  funkify (= 0.0.4)
  i18n (= 0.7.0)
  pry (= 0.10.1)
  rspec (= 3.4.0)

BUNDLED WITH
   1.11.2
